GEM
  remote: https://rubygems.org/
  specs:
    plist (3.2.0)
    rubyzip (1.2.0)

PLATFORMS
  ruby

DEPENDENCIES
  plist
  rubyzip

BUNDLED WITH
   1.12.5
