GEM
  remote: https://rubygems.org/
  specs:
    plist (3.5.0)
    rubyzip (2.3.0)

PLATFORMS
  ruby

DEPENDENCIES
  plist
  rubyzip

BUNDLED WITH
   2.1.4
